GEM
  remote: https://rubygems.org/
  specs:
    faraday (2.7.10)
      faraday-net_http (>= 2.0, < 3.1)
      ruby2_keywords (>= 0.0.4)
    faraday-net_http (3.0.2)
    faraday-retry (2.2.0)
      faraday (~> 2.0)
    ruby2_keywords (0.0.5)
    x (0.10.0)

PLATFORMS
  ruby

DEPENDENCIES
  faraday
  faraday-retry
  x

BUNDLED WITH
   2.3.4
